GEM
  remote: https://rubygems.org/
  specs:
    CFPropertyList (2.2.7)
    facter (2.0.1)
      CFPropertyList (~> 2.2.6)
    hiera (1.3.2)
      json_pure
    json_pure (1.8.1)
    puppet (3.5.1)
      facter (> 1.6, < 3)
      hiera (~> 1.0)
      json_pure
      rgen (~> 0.6.5)
    rgen (0.6.6)

PLATFORMS
  ruby

DEPENDENCIES
  facter
  puppet
