GIT
  remote: https://github.com/edestecd/puppetdb-terminus.git
  revision: 8c1f33eb75beb47c078384e6d46e317f06583b8f
  specs:
    puppetdb-terminus (1.0)
      json

GEM
  remote: https://rubygems.org/
  specs:
    CFPropertyList (2.2.7)
    facter (2.0.1)
      CFPropertyList (~> 2.2.6)
    hiera (1.3.2)
      json_pure
    hiera-mysql (0.2.0)
      mysql
    highline (1.6.20)
    json (1.8.1)
    json_pure (1.8.1)
    kgio (2.8.0)
    librarian (0.1.2)
      highline
      thor (~> 0.15)
    librarian-puppet (0.9.12)
      librarian (>= 0.1.1)
    libshadow (1.0.0)
    mysql (2.9.1)
    puppet (3.5.1)
      facter (> 1.6, < 3)
      hiera (~> 1.0)
      json_pure
      rgen (~> 0.6.5)
    rack (1.5.2)
    raindrops (0.12.0)
    rgen (0.6.6)
    thor (0.18.1)
    unicorn (4.6.3)
      kgio (~> 2.6)
      rack
      raindrops (~> 0.7)

PLATFORMS
  ruby

DEPENDENCIES
  facter
  hiera-mysql (~> 0.2.0)
  librarian-puppet
  libshadow
  puppet
  puppetdb-terminus!
  rack
  unicorn
