GEM
  remote: https://rubygems.org/
  specs:
    CFPropertyList (2.2.8)
    facter (2.2.0)
      CFPropertyList (~> 2.2.6)
    hiera (1.3.4)
      json_pure
    json_pure (1.8.1)
    puppet (3.7.2)
      facter (> 1.6, < 3)
      hiera (~> 1.0)
      json_pure
    puppet-lint (1.0.1)
    rake (10.3.2)

PLATFORMS
  ruby

DEPENDENCIES
  facter
  hiera
  puppet
  puppet-lint (= 1.0.1)
  rake
